GEM
  remote: https://rubygems.org/
  specs:
    foreman (0.82.0)
      thor (~> 0.19.1)
    puma (3.4.0)
    rack (1.6.4)
    rack-protection (1.5.3)
      rack
    sinatra (1.4.7)
      rack (~> 1.5)
      rack-protection (~> 1.4)
      tilt (>= 1.3, < 3)
    thor (0.19.1)
    tilt (2.0.5)

PLATFORMS
  ruby

DEPENDENCIES
  foreman
  puma
  sinatra

BUNDLED WITH
   1.12.5
